PATH
  remote: ..
  specs:
    vat_rate (0.0.1)

GEM
  remote: https://rubygems.org/
  specs:

PLATFORMS
  ruby

DEPENDENCIES
  vat_rate!
